GEM
  remote: https://rubygems.org/
  specs:
    blankslate (2.1.2.4)
    parslet (1.5.0)
      blankslate (~> 2.0)
    rake (12.3.3)
    thor (0.18.1)
    vim-flavor (1.1.3)
      parslet (~> 1.0)
      thor (~> 0.14)

PLATFORMS
  ruby

DEPENDENCIES
  rake
  vim-flavor (~> 1.1)

RUBY VERSION
   ruby 2.5.3p105

BUNDLED WITH
   2.0.1
